GEM
  remote: http://gems.rubyforge.org/
  specs:
    eventmachine (0.12.10)
    minitest (1.7.2)
    uuidtools (2.1.1)

PLATFORMS
  ruby

DEPENDENCIES
  eventmachine
  minitest
  uuidtools
